PATH
  remote: .
  specs:
    jquery-cdn (2.0.3)
      sprockets (>= 2)

GEM
  remote: https://rubygems.org/
  specs:
    hike (1.2.3)
    httpclient (2.3.4.1)
    multi_json (1.7.9)
    rack (1.5.2)
    sprockets (2.10.0)
      hike (~> 1.2)
      multi_json (~> 1.0)
      rack (~> 1.0)
      tilt (~> 1.1, != 1.3.0)
    tilt (1.4.1)

PLATFORMS
  ruby

DEPENDENCIES
  httpclient
  jquery-cdn!
